PATH
  remote: .
  specs:
    last_tweet (0.3.0)

GEM
  remote: https://rubygems.org/
  specs:
    colorize (0.8.1)
    mini_portile2 (2.3.0)
    nokogiri (1.8.1)
      mini_portile2 (~> 2.3.0)
    rake (10.4.2)

PLATFORMS
  ruby

DEPENDENCIES
  bundler (~> 1.16)
  colorize
  last_tweet!
  nokogiri
  rake (~> 10.0)

BUNDLED WITH
   1.16.1
