PATH
  remote: .
  specs:
    last_tweet (0.1.0)

GEM
  remote: https://rubygems.org/
  specs:
    rake (10.4.2)

PLATFORMS
  ruby

DEPENDENCIES
  bundler (~> 1.16)
  last_tweet!
  rake (~> 10.0)

BUNDLED WITH
   1.16.1
